GEM
  remote: https://rubygems.org/
  specs:
    json (2.1.0)
    mustermann (1.0.2)
    rack (2.0.3)
    rack-protection (2.0.0)
      rack
    rake (10.4.2)
    sass (3.4.24)
    sinatra (2.0.0)
      mustermann (~> 1.0)
      rack (~> 2.0)
      rack-protection (= 2.0.0)
      tilt (~> 2.0)
    tilt (2.0.8)

PLATFORMS
  ruby

DEPENDENCIES
  json (= 2.1.0)
  rack (= 2.0.3)
  rake (= 10.4.2)
  sass (= 3.4.24)
  sinatra (= 2.0.0)

RUBY VERSION
   ruby 2.4.0p0

BUNDLED WITH
   1.16.1
